GEM
  specs:
    addressable (2.5.1)
      public_suffix (~> 2.0, >= 2.0.2)
    ffi (1.9.18)
    jekyll-paginate (1.1.0)
    jekyll-tagging (1.1.0)
      nuggets
    jekyll-watch (1.5.0)
      listen (~> 3.0, < 3.1)
    kramdown (1.14.0)
    listen (3.0.8)
      rb-fsevent (~> 0.9, >= 0.9.4)
      rb-inotify (~> 0.9, >= 0.9.7)
    nuggets (1.5.0)
    public_suffix (2.0.5)
    rb-fsevent (0.10.2)
    rb-inotify (0.9.10)
      ffi (>= 0.5.0, < 2)
    rouge (1.11.1)

PLATFORMS
  ruby

DEPENDENCIES
  addressable
  jekyll-paginate
  jekyll-tagging
  jekyll-watch
  kramdown
  rouge

BUNDLED WITH
   1.15.1
